GIT
  remote: git://github.com/eljojo/telegram_bot.git
  revision: 8df3c4552505dd8fb2f900e9f9789acfe23feada
  specs:
    telegram_bot (0.0.7)
      excon (>= 0.30.0)
      virtus (>= 1.0.0)

GEM
  remote: https://rubygems.org/
  specs:
    axiom-types (0.1.1)
      descendants_tracker (~> 0.0.4)
      ice_nine (~> 0.11.0)
      thread_safe (~> 0.3, >= 0.3.1)
    coercible (1.0.0)
      descendants_tracker (~> 0.0.1)
    descendants_tracker (0.0.4)
      thread_safe (~> 0.3, >= 0.3.1)
    equalizer (0.0.11)
    excon (0.55.0)
    httparty (0.14.0)
      multi_xml (>= 0.5.2)
    ice_nine (0.11.2)
    mina (0.3.8)
      open4 (~> 1.3.4)
      rake
    multi_xml (0.6.0)
    open4 (1.3.4)
    rake (12.0.0)
    request_store (1.3.2)
    thread_safe (0.3.6)
    virtus (1.0.5)
      axiom-types (~> 0.1)
      coercible (~> 1.0)
      descendants_tracker (~> 0.0, >= 0.0.3)
      equalizer (~> 0.0, >= 0.0.9)

PLATFORMS
  ruby

DEPENDENCIES
  httparty (~> 0.14.0)
  mina (~> 0.3.8)
  request_store
  telegram_bot!

BUNDLED WITH
   1.15.0
